GEM
  remote: https://rubygems.org/
  specs:
    activemodel (5.2.2.1)
      activesupport (= 5.2.2.1)
    activerecord (5.2.2.1)
      activemodel (= 5.2.2.1)
      activesupport (= 5.2.2.1)
      arel (>= 9.0)
    activesupport (5.2.2.1)
      concurrent-ruby (~> 1.0, >= 1.0.2)
      i18n (>= 0.7, < 2)
      minitest (~> 5.1)
      tzinfo (~> 1.1)
    arel (9.0.0)
    atk (3.3.6)
      glib2 (= 3.3.6)
    cairo (1.16.4)
      native-package-installer (>= 1.0.3)
      pkg-config (>= 1.2.2)
    cairo-gobject (3.3.6)
      cairo (>= 1.16.2)
      glib2 (= 3.3.6)
    concurrent-ruby (1.1.5)
    faker (1.9.1)
      i18n (>= 0.7)
    gdk3 (3.3.6)
      cairo-gobject (= 3.3.6)
      gdk_pixbuf2 (= 3.3.6)
      pango (= 3.3.6)
    gdk_pixbuf2 (3.3.6)
      gio2 (= 3.3.6)
    gio2 (3.3.6)
      gobject-introspection (= 3.3.6)
    glib2 (3.3.6)
      native-package-installer (>= 1.0.3)
      pkg-config (>= 1.3.5)
    gobject-introspection (3.3.6)
      glib2 (= 3.3.6)
    gtk2 (3.3.6)
      atk (= 3.3.6)
      gdk_pixbuf2 (= 3.3.6)
      pango (= 3.3.6)
    gtk3 (3.3.6)
      atk (= 3.3.6)
      gdk3 (= 3.3.6)
      gdk_pixbuf2 (= 3.3.6)
      gio2 (= 3.3.6)
      pango (= 3.3.6)
    i18n (1.5.1)
      concurrent-ruby (~> 1.0)
    mini_portile (0.6.2)
    minitest (5.11.3)
    native-package-installer (1.0.7)
    nokogiri (1.6.6.2)
      mini_portile (~> 0.6.0)
    pango (3.3.6)
      cairo-gobject (= 3.3.6)
      gobject-introspection (= 3.3.6)
    pkg-config (1.3.7)
    rake (12.3.2)
    sqlite3 (1.3.9)
    thread_safe (0.3.6)
    tzinfo (1.2.5)
      thread_safe (~> 0.1)

PLATFORMS
  ruby

DEPENDENCIES
  activerecord
  activesupport
  atk
  cairo
  cairo-gobject
  faker
  gdk3
  gdk_pixbuf2
  gio2
  glib2
  gobject-introspection
  gtk2
  gtk3
  mini_portile
  native-package-installer
  nokogiri (= 1.6.6.2)
  pango
  pkg-config
  rake
  sqlite3 (= 1.3.9)
